GEM
  remote: http://rubygems.org/
  specs:
    RedCloth (4.2.8)
    albino (1.3.3)
      posix-spawn (>= 0.3.6)
    aws-sdk (1.8.5)
      json (~> 1.4)
      nokogiri (>= 1.4.4)
      uuidtools (~> 2.1)
    blankslate (2.1.2.4)
    chunky_png (1.2.1)
    classifier (1.3.3)
      fast-stemmer (>= 1.0.0)
    colored (1.2)
    compass (0.11.5)
      chunky_png (~> 1.2)
      fssm (>= 0.2.7)
      sass (~> 3.1)
    configure-s3-website (1.4.0)
      deep_merge (= 1.0.0)
    deep_merge (1.0.0)
    directory_watcher (1.4.0)
    erubis (2.7.0)
    fast-stemmer (1.0.0)
    ffi (1.0.9)
    filey-diff (1.1.0)
    fssm (0.2.7)
    haml (3.1.2)
    jekyll (0.11.0)
      albino (>= 1.3.2)
      classifier (>= 1.3.1)
      directory_watcher (>= 1.1.1)
      kramdown (>= 0.13.2)
      liquid (>= 1.9.0)
      maruku (>= 0.5.9)
    jekyll-s3 (2.8.0)
      aws-sdk (~> 1.8.5)
      configure-s3-website (~> 1)
      erubis (~> 2.7.0)
      filey-diff (~> 1)
      mime-types (= 1.19)
      simple-cloudfront-invalidator (~> 1)
    json (1.8.0)
    kramdown (0.13.3)
    liquid (2.2.2)
    maruku (0.6.0)
      syntax (>= 1.0.0)
    mime-types (1.19)
    mini_portile (0.5.0)
    nokogiri (1.6.0)
      mini_portile (~> 0.5.0)
    posix-spawn (0.3.6)
    pygments.rb (0.1.3)
      rubypython (>= 0.5.1)
    rack (1.3.2)
    rake (0.9.2.2)
    rb-fsevent (0.4.3.1)
    rdiscount (1.6.8)
    rubypants (0.2.0)
    rubypython (0.5.1)
      blankslate (>= 2.1.2.3)
      ffi (~> 1.0.7)
    sass (3.1.5)
    simple-cloudfront-invalidator (1.0.0)
      colored (= 1.2)
    sinatra (1.2.6)
      rack (~> 1.1)
      tilt (>= 1.2.2, < 2.0)
    stringex (1.3.0)
    syntax (1.0.0)
    tilt (1.3.2)
    uuidtools (2.1.4)

PLATFORMS
  ruby

DEPENDENCIES
  RedCloth
  compass (>= 0.11)
  haml (>= 3.1)
  jekyll
  jekyll-s3
  liquid (= 2.2.2)
  pygments.rb
  rack
  rake (~> 0.9.2)
  rb-fsevent
  rdiscount
  rubypants
  sinatra (= 1.2.6)
  stringex
