GEM
  remote: http://rubygems.org/
  specs:
    RedCloth (4.2.9)
    albino (1.3.3)
      posix-spawn (>= 0.3.6)
    aws-sdk (1.8.5)
      json (~> 1.4)
      nokogiri (>= 1.4.4)
      uuidtools (~> 2.1)
    chunky_png (1.2.9)
    classifier (1.3.3)
      fast-stemmer (>= 1.0.0)
    colored (1.2)
    compass (0.12.2)
      chunky_png (~> 1.2)
      fssm (>= 0.2.7)
      sass (~> 3.1)
    configure-s3-website (1.5.0)
      deep_merge (= 1.0.0)
    deep_merge (1.0.0)
    directory_watcher (1.5.1)
    erubis (2.7.0)
    fast-stemmer (1.0.2)
    filey-diff (1.4.2)
    fssm (0.2.10)
    haml (4.0.4)
      tilt
    jekyll (0.11.0)
      albino (>= 1.3.2)
      classifier (>= 1.3.1)
      directory_watcher (>= 1.1.1)
      kramdown (>= 0.13.2)
      liquid (>= 1.9.0)
      maruku (>= 0.5.9)
    jekyll-s3 (3.2.0)
      aws-sdk (~> 1.8.5)
      configure-s3-website (~> 1)
      erubis (~> 2.7.0)
      filey-diff (~> 1)
      mime-types (= 1.19)
      simple-cloudfront-invalidator (~> 1)
    json (1.8.1)
    kramdown (1.2.0)
    liquid (2.2.2)
    maruku (0.7.0)
    mime-types (1.19)
    mini_portile (0.5.2)
    nokogiri (1.6.0)
      mini_portile (~> 0.5.0)
    posix-spawn (0.3.6)
    pygments.rb (0.5.4)
      posix-spawn (~> 0.3.6)
      yajl-ruby (~> 1.1.0)
    rack (1.6.11)
    rake (0.9.6)
    rb-fsevent (0.9.3)
    rdiscount (2.1.7)
    rubypants (0.2.0)
    sass (3.2.12)
    simple-cloudfront-invalidator (1.0.1)
      colored (= 1.2)
    sinatra (1.2.6)
      rack (~> 1.1)
      tilt (>= 1.2.2, < 2.0)
    stringex (2.1.0)
    tilt (1.4.1)
    uuidtools (2.1.4)
    yajl-ruby (1.1.0)

PLATFORMS
  ruby

DEPENDENCIES
  RedCloth
  compass (>= 0.11)
  haml (>= 3.1)
  jekyll
  jekyll-s3
  liquid (= 2.2.2)
  pygments.rb
  rack
  rake (~> 0.9.2)
  rb-fsevent
  rdiscount
  rubypants
  sinatra (= 1.2.6)
  stringex
